GEM
  remote: https://rubygems.org/
  specs:
    minitest (5.8.0)
    rake (12.3.3)

PLATFORMS
  ruby

DEPENDENCIES
  minitest
  rake

BUNDLED WITH
   1.10.6
